PATH
  remote: .
  specs:
    sentient_user (0.4.0)
      railties (>= 3.1)

GEM
  remote: https://rubygems.org/
  specs:
    actionpack (4.0.13)
      activesupport (= 4.0.13)
      builder (~> 3.1.0)
      erubis (~> 2.7.0)
      rack (~> 1.5.2)
      rack-test (~> 0.6.2)
    activesupport (4.0.13)
      i18n (~> 0.6, >= 0.6.9)
      minitest (~> 4.2)
      multi_json (~> 1.3)
      thread_safe (~> 0.1)
      tzinfo (~> 0.3.37)
    ansi (1.5.0)
    builder (3.1.4)
    docile (1.1.5)
    erubis (2.7.0)
    i18n (0.7.0)
    json (1.8.3)
    minitest (4.7.5)
    minitest_should (0.3.1)
    multi_json (1.12.1)
    rack (1.5.5)
    rack-test (0.6.3)
      rack (>= 1.0)
    railties (4.0.13)
      actionpack (= 4.0.13)
      activesupport (= 4.0.13)
      rake (>= 0.8.7)
      thor (>= 0.18.1, < 2.0)
    rake (11.1.2)
    rdoc (4.2.2)
      json (~> 1.4)
    simplecov (0.11.2)
      docile (~> 1.1.0)
      json (~> 1.8)
      simplecov-html (~> 0.10.0)
    simplecov-html (0.10.0)
    thor (0.19.1)
    thread_safe (0.3.5)
    turn (0.9.7)
      ansi
      minitest (~> 4)
    tzinfo (0.3.48)

PLATFORMS
  ruby

DEPENDENCIES
  minitest (= 4.7.5)
  minitest_should
  rake
  rdoc
  sentient_user!
  simplecov
  turn

BUNDLED WITH
   1.13.1
